GEM
  remote: https://rubygems.org/
  specs:
    activesupport (6.1.7.1)
      concurrent-ruby (~> 1.0, >= 1.0.2)
      i18n (>= 1.6, < 2)
      minitest (>= 5.1)
      tzinfo (~> 2.0)
      zeitwerk (~> 2.3)
    addressable (2.7.0)
      public_suffix (>= 2.0.2, < 5.0)
    allure-cucumber (0.6.1)
      allure-ruby-adaptor-api (>= 0.7.1)
      cucumber (>= 2.0.0)
    allure-ruby-adaptor-api (0.7.2)
      mimemagic
      nokogiri (~> 1.7)
      uuid
    backports (3.15.0)
    builder (3.2.3)
    capybara (3.29.0)
      addressable
      mini_mime (>= 0.1.3)
      nokogiri (~> 1.8)
      rack (>= 1.6.0)
      rack-test (>= 0.6.3)
      regexp_parser (~> 1.5)
      xpath (~> 3.2)
    capybara-screenshot (1.0.24)
      capybara (>= 1.0, < 4)
      launchy
    childprocess (3.0.0)
    coderay (1.1.2)
    concurrent-ruby (1.1.10)
    cucumber (3.1.2)
      builder (>= 2.1.2)
      cucumber-core (~> 3.2.0)
      cucumber-expressions (~> 6.0.1)
      cucumber-wire (~> 0.0.1)
      diff-lcs (~> 1.3)
      gherkin (~> 5.1.0)
      multi_json (>= 1.7.5, < 2.0)
      multi_test (>= 0.1.2)
    cucumber-core (3.2.1)
      backports (>= 3.8.0)
      cucumber-tag_expressions (~> 1.1.0)
      gherkin (~> 5.0)
    cucumber-expressions (6.0.1)
    cucumber-tag_expressions (1.1.1)
    cucumber-wire (0.0.1)
    deep_merge (1.2.1)
    diff-lcs (1.3)
    gherkin (5.1.0)
    headless (2.3.1)
    highline (2.0.3)
    i18n (1.12.0)
      concurrent-ruby (~> 1.0)
    launchy (2.4.3)
      addressable (~> 2.3)
    macaddr (1.7.2)
      systemu (~> 2.6.5)
    method_source (0.9.2)
    mimemagic (0.3.3)
    mini_mime (1.0.2)
    mini_portile2 (2.4.0)
    minitest (5.17.0)
    multi_json (1.14.1)
    multi_test (0.1.2)
    nokogiri (1.10.7)
      mini_portile2 (~> 2.4.0)
    options (2.3.2)
    os (0.9.6)
    parallel (1.19.1)
    parallel_tests (2.29.2)
      parallel
    parseconfig (1.0.8)
    progress_bar (1.3.1)
      highline (>= 1.6, < 3)
      options (~> 2.3.0)
    pry (0.12.2)
      coderay (~> 1.1.0)
      method_source (~> 0.9.0)
    public_suffix (4.0.1)
    rack (2.0.8)
    rack-test (1.1.0)
      rack (>= 1.0, < 3)
    rake (13.0.1)
    regexp_parser (1.6.0)
    require_all (3.0.0)
    rspec (3.9.0)
      rspec-core (~> 3.9.0)
      rspec-expectations (~> 3.9.0)
      rspec-mocks (~> 3.9.0)
    rspec-core (3.9.0)
      rspec-support (~> 3.9.0)
    rspec-expectations (3.9.0)
      diff-lcs (>= 1.2.0, < 2.0)
      rspec-support (~> 3.9.0)
    rspec-mocks (3.9.0)
      diff-lcs (>= 1.2.0, < 2.0)
      rspec-support (~> 3.9.0)
    rspec-support (3.9.0)
    rubyzip (2.0.0)
    selenium-webdriver (3.142.6)
      childprocess (>= 0.5, < 4.0)
      rubyzip (>= 1.2.2)
    site_prism (3.4.1)
      addressable (~> 2.5)
      capybara (~> 3.3)
      site_prism-all_there (~> 0.3)
    site_prism-all_there (0.3)
    systemu (2.6.5)
    tzinfo (2.0.5)
      concurrent-ruby (~> 1.0)
    uuid (2.3.9)
      macaddr (~> 1.0)
    xpath (3.2.0)
      nokogiri (~> 1.8)
    yaml_extend (1.0.0)
      deep_merge (~> 1.1)
    zeitwerk (2.6.6)

PLATFORMS
  ruby

DEPENDENCIES
  activesupport
  allure-cucumber (~> 0.6.1)
  capybara
  capybara-screenshot
  coderay
  cucumber (~> 3.1, >= 3.1.2)
  headless
  os (~> 0.9.6)
  parallel_tests
  parseconfig (= 1.0.8)
  progress_bar
  pry
  rake
  require_all
  rspec
  rspec-expectations
  selenium-webdriver
  site_prism (~> 3.4, >= 3.4.1)
  yaml_extend

BUNDLED WITH
   2.0.2
